PATH
  remote: .
  specs:
    ripple-rest (0.0.2)
      autoparse (~> 0.3.3)
      rest-client (~> 1.6.7)

GEM
  remote: http://rubygems.org/
  specs:
    addressable (2.3.6)
    autoparse (0.3.3)
      addressable (>= 2.3.1)
      extlib (>= 0.9.15)
      multi_json (>= 1.0.0)
    extlib (0.9.16)
    mime-types (2.2)
    multi_json (1.9.2)
    rake (10.3.1)
    rest-client (1.6.7)
      mime-types (>= 1.16)
    rspec (2.0.0.beta.8)
      rspec-core (= 2.0.0.beta.8)
      rspec-expectations (= 2.0.0.beta.8)
      rspec-mocks (= 2.0.0.beta.8)
    rspec-core (2.0.0.beta.8)
    rspec-expectations (2.0.0.beta.8)
    rspec-mocks (2.0.0.beta.8)

PLATFORMS
  ruby

DEPENDENCIES
  autoparse
  rake
  rest-client
  ripple-rest!
  rspec (= 2.0.0.beta.8)
