PATH
  remote: .
  specs:
    ripple-rest (1.0.0)
      rest-client (~> 1.6.7)

GEM
  remote: http://rubygems.org/
  specs:
    mime-types (2.2)
    rake (10.3.1)
    rest-client (1.6.7)
      mime-types (>= 1.16)
    rspec (2.0.0.beta.8)
      rspec-core (= 2.0.0.beta.8)
      rspec-expectations (= 2.0.0.beta.8)
      rspec-mocks (= 2.0.0.beta.8)
    rspec-core (2.0.0.beta.8)
    rspec-expectations (2.0.0.beta.8)
    rspec-mocks (2.0.0.beta.8)

PLATFORMS
  ruby

DEPENDENCIES
  rake
  rest-client
  ripple-rest!
  rspec (= 2.0.0.beta.8)
